GEM
  remote: https://rubygems.org/
  specs:
    diff-lcs (1.1.3)
    domain_name (0.5.11)
      unf (>= 0.0.5, < 1.0.0)
    encrypted_strings (0.3.3)
    highline (1.6.14)
    json (1.7.7)
    mechanize (2.6.0)
      domain_name (~> 0.5, >= 0.5.1)
      mime-types (~> 1.17, >= 1.17.2)
      net-http-digest_auth (~> 1.1, >= 1.1.1)
      net-http-persistent (~> 2.5, >= 2.5.2)
      nokogiri (~> 1.4)
      ntlm-http (~> 0.1, >= 0.1.1)
      webrobots (>= 0.0.9, < 0.2)
    mime-types (1.22)
    net-http-digest_auth (1.3)
    net-http-persistent (2.8)
    net-sftp (2.0.5)
      net-ssh (>= 2.0.9)
    net-ssh (2.6.6)
    nokogiri (1.5.9-x86-mingw32)
    ntlm-http (0.1.1)
    rspec (2.7.0)
      rspec-core (~> 2.7.0)
      rspec-expectations (~> 2.7.0)
      rspec-mocks (~> 2.7.0)
    rspec-core (2.7.1)
    rspec-expectations (2.7.0)
      diff-lcs (~> 1.1.2)
    rspec-mocks (2.7.0)
    trollop (1.16.2)
    unf (0.1.1)
      unf_ext
    unf_ext (0.0.6-x86-mingw32)
    webrobots (0.1.1)

PLATFORMS
  x86-mingw32

DEPENDENCIES
  bundler
  encrypted_strings
  highline
  json
  mechanize
  net-sftp
  net-ssh
  nokogiri
  rspec
  trollop
